GEM
  remote: https://rubygems.org/
  specs:
    fileutils (1.7.0)
    optparse (0.3.1)
    rake (13.0.6)

PLATFORMS
  arm64-darwin-21

DEPENDENCIES
  fileutils (~> 1.7)
  optparse (~> 0.3.1)
  rake

RUBY VERSION
   ruby 3.2.0p0

BUNDLED WITH
   2.4.5
